GEM
  remote: https://rubygems.org/
  specs:
    faraday (0.8.7)
      multipart-post (~> 1.1)
    get-twitter-oauth-token (1.0.1)
      oauth
    multi_json (1.7.7)
    multipart-post (1.2.0)
    oauth (0.4.7)
    simple_oauth (0.2.0)
    twitter (4.8.1)
      faraday (~> 0.8, < 0.10)
      multi_json (~> 1.0)
      simple_oauth (~> 0.2)

PLATFORMS
  x86-mingw32

DEPENDENCIES
  get-twitter-oauth-token
  oauth
  twitter
